PATH
  remote: .
  specs:
    statesman_mongoid (0.1.0)
      statesman (~> 10.0)

GEM
  remote: https://rubygems.org/
  specs:
    rake (13.0.6)
    statesman (10.2.2)

PLATFORMS
  x86_64-linux

DEPENDENCIES
  rake (~> 13.0)
  statesman_mongoid!

BUNDLED WITH
   2.3.7
